GEM
  remote: https://rubygems.org/
  specs:
    sequel (5.58.0)

PLATFORMS
  x86_64-darwin-20

DEPENDENCIES
  sequel

BUNDLED WITH
   2.3.15
